GEM
  remote: http://rubygems.org/
  specs:
    addressable (2.2.5)
    faraday (0.6.1)
      addressable (~> 2.2.4)
      multipart-post (~> 1.1.0)
      rack (< 2, >= 1.1.0)
    faraday_middleware (0.6.3)
      faraday (~> 0.6.0)
    hashie (1.0.0)
    json (1.5.1)
    multi_json (0.0.5)
    multi_xml (0.2.2)
    multipart-post (1.1.0)
    oauth (0.4.4)
    rack (1.2.2)
    rash (0.3.0)
      hashie (~> 1.0.0)
    rubytter (1.4.2)
      json (>= 1.1.3)
      oauth (>= 0.3.6)
    simple_oauth (0.1.4)
    twitter (1.4.0)
      faraday (~> 0.6.1)
      faraday_middleware (~> 0.6.3)
      hashie (~> 1.0.0)
      multi_json (~> 0.0.5)
      multi_xml (~> 0.2.0)
      rash (~> 0.3.0)
      simple_oauth (~> 0.1.4)
    userstream (0.1.1)
      hashie
      rubytter

PLATFORMS
  ruby

DEPENDENCIES
  twitter
  userstream
